GEM
  remote: https://rubygems.org/
  specs:
    bcrypt (3.1.11)
    coderay (1.1.1)
    colorize (0.8.1)
    daemons (1.2.4)
    eventmachine (1.2.0.1)
    logger (1.2.8)
    method_source (0.8.2)
    pry (0.10.4)
      coderay (~> 1.1.0)
      method_source (~> 0.8.1)
      slop (~> 3.4)
    rack (1.6.4)
    rack-protection (1.5.3)
      rack
    rack-ssl (1.4.1)
      rack
    rack-ssl-enforcer (0.2.9)
    sinatra (1.4.7)
      rack (~> 1.5)
      rack-protection (~> 1.4)
      tilt (>= 1.3, < 3)
    slop (3.6.0)
    thin (1.7.0)
      daemons (~> 1.0, >= 1.0.9)
      eventmachine (~> 1.0, >= 1.0.4)
      rack (>= 1, < 3)
    tilt (2.0.5)
    trollop (2.1.2)

PLATFORMS
  ruby

DEPENDENCIES
  bcrypt
  colorize
  logger
  pry
  rack-protection
  rack-ssl
  rack-ssl-enforcer
  sinatra
  thin
  trollop

BUNDLED WITH
   1.12.5
